GEM
  remote: https://rubygems.org/
  specs:
    atk (2.2.0)
      glib2 (= 2.2.0)
    cairo (1.12.8)
      pkg-config
    columnize (0.3.6)
    debugger (1.6.6)
      columnize (>= 0.3.1)
      debugger-linecache (~> 1.2.0)
      debugger-ruby_core_source (~> 1.3.2)
    debugger-linecache (1.2.0)
    debugger-ruby_core_source (1.3.2)
    diff-lcs (1.2.5)
    gdk3 (2.2.0)
      gdk_pixbuf2 (= 2.2.0)
      pango (= 2.2.0)
    gdk_pixbuf2 (2.2.0)
      glib2 (= 2.2.0)
    gio2 (2.2.0)
      glib2 (= 2.2.0)
      gobject-introspection (= 2.2.0)
    glib2 (2.2.0)
      pkg-config
    gobject-introspection (2.2.0)
      glib2 (= 2.2.0)
    gtk3 (2.2.0)
      atk (= 2.2.0)
      gdk3 (= 2.2.0)
      gdk_pixbuf2 (= 2.2.0)
      gio2 (= 2.2.0)
      glib2 (= 2.2.0)
      pango (= 2.2.0)
    nasty (0.0.1386739849)
    pango (2.2.0)
      cairo (>= 1.12.5)
      glib2 (= 2.2.0)
    pkg-config (1.1.5)
    rspec (2.14.1)
      rspec-core (~> 2.14.0)
      rspec-expectations (~> 2.14.0)
      rspec-mocks (~> 2.14.0)
    rspec-core (2.14.7)
    rspec-expectations (2.14.4)
      diff-lcs (>= 1.1.3, < 2.0)
    rspec-mocks (2.14.4)
    spank (0.0.1385937112)

PLATFORMS
  ruby

DEPENDENCIES
  debugger
  gtk3
  nasty
  rspec
  spank
